GEM
  remote: https://rubygems.org/
  specs:
    childprocess (4.1.0)
    csv (3.2.1)
    date (3.2.2)
    retryable (3.0.5)
    rexml (3.2.5)
    rubyzip (2.3.2)
    selenium-webdriver (4.1.0)
      childprocess (>= 0.5, < 5.0)
      rexml (~> 3.2, >= 3.2.5)
      rubyzip (>= 1.2.2)
    thor (1.1.0)

PLATFORMS
  ruby

DEPENDENCIES
  csv
  date
  retryable
  selenium-webdriver
  thor

BUNDLED WITH
   2.1.4
