GEM
  remote: https://rubygems.org/
  specs:
    childprocess (3.0.0)
    rubyzip (2.3.0)
    selenium-webdriver (3.142.7)
      childprocess (>= 0.5, < 4.0)
      rubyzip (>= 1.2.2)
    thor (1.0.1)

PLATFORMS
  ruby

DEPENDENCIES
  selenium-webdriver
  thor

BUNDLED WITH
   2.1.4
