GEM
  remote: https://rubygems.org/
  specs:
    csv (3.2.6)
    date (3.3.3)
    retryable (3.0.5)
    rexml (3.2.8)
      strscan (>= 3.0.9)
    rubyzip (2.3.2)
    selenium-webdriver (4.8.6)
      rexml (~> 3.2, >= 3.2.5)
      rubyzip (>= 1.2.2, < 3.0)
      websocket (~> 1.0)
    strscan (3.1.0)
    thor (1.2.1)
    websocket (1.2.9)

PLATFORMS
  ruby

DEPENDENCIES
  csv
  date
  retryable
  selenium-webdriver
  thor

BUNDLED WITH
   2.4.10
